GEM
  remote: http://rubygems.org/
  specs:
    fastercsv (1.5.4)
    nokogiri (1.4.4)
    rack (1.2.2)
    rubyzip (0.9.4)
    sinatra (1.2.3)
      rack (~> 1.1)
      tilt (>= 1.2.2, < 2.0)
    tilt (1.3)

PLATFORMS
  ruby

DEPENDENCIES
  fastercsv
  nokogiri
  rubyzip
  sinatra
